PATH
  remote: .
  specs:
    foreman (0.83.0)
      thor (~> 0.20.3)

GEM
  remote: http://rubygems.org/
  specs:
    aws-s3 (0.6.3)
      builder
      mime-types
      xml-simple
    builder (3.2.4)
    codeclimate-test-reporter (1.0.7)
      simplecov
    diff-lcs (1.3)
    docile (1.3.2)
    fakefs (0.4.3)
    hpricot (0.8.6)
    hpricot (0.8.6-java)
    mime-types (3.3.1)
      mime-types-data (~> 3.2015)
    mime-types-data (3.2019.1009)
    mustache (1.1.1)
    rake (13.0.1)
    rdiscount (2.2.0.1)
    ronn (0.7.3)
      hpricot (>= 0.8.2)
      mustache (>= 0.7.0)
      rdiscount (>= 1.5.8)
    rr (1.0.5)
    rspec (2.99.0)
      rspec-core (~> 2.99.0)
      rspec-expectations (~> 2.99.0)
      rspec-mocks (~> 2.99.0)
    rspec-core (2.99.2)
    rspec-expectations (2.99.2)
      diff-lcs (>= 1.1.3, < 2.0)
    rspec-mocks (2.99.4)
    simplecov (0.18.5)
      docile (~> 1.1)
      simplecov-html (~> 0.11)
    simplecov-html (0.12.2)
    thor (0.20.3)
    timecop (0.9.1)
    xml-simple (1.1.5)
    yard (0.9.24)

PLATFORMS
  java
  ruby
  x86-mingw32

DEPENDENCIES
  aws-s3
  codeclimate-test-reporter
  fakefs (~> 0.4.0)
  foreman!
  rake
  ronn
  rr (~> 1.0.2)
  rspec (~> 2.99.0)
  simplecov
  timecop
  yard

BUNDLED WITH
   1.17.3
